GIT
  remote: https://github.com/SampsonCrowley/inky-rb.git
  revision: 30e006c95d47ca6ca6d73fb48f6377b0d71f673d
  ref: 30e006c95d47ca6ca6d73fb48f6377b0d71f673d
  specs:
    inky-rb (1.3.7.5)
      foundation_emails (~> 2)
      nokogiri

GIT
  remote: https://github.com/SampsonCrowley/where_exists.git
  revision: 902e72d9400748c6732c589599deb3fc44a86089
  ref: 902e72d9400748c6732c589599deb3fc44a86089
  specs:
    where_exists (2.0.0)
      rails (>= 4.2, < 6)

GIT
  remote: https://github.com/SampsonCrowley/wicked_pdf.git
  revision: a1a8897e35f8590dbb852478a68384103dd4fd8b
  ref: a1a8897e35f8590dbb852478a68384103dd4fd8b
  specs:
    wicked_pdf (1.4.0)
      activesupport

GIT
  remote: https://github.com/korun/axlsx.git
  revision: fb2c71f2ada9c86b1b3352409f951fae7162cbe1
  ref: fb2c71f2ada9c86b1b3352409f951fae7162cbe1
  specs:
    axlsx (3.0.0.pre)
      htmlentities (~> 4.3, >= 4.3.4)
      mimemagic (~> 0.3)
      nokogiri (~> 1.8, >= 1.8.2)
      rubyzip (~> 1.2, >= 1.2.1)

GEM
  remote: https://rubygems.org/
  specs:
    aasm (5.1.1)
      concurrent-ruby (~> 1.0)
    actioncable (5.2.4.1)
      actionpack (= 5.2.4.1)
      nio4r (~> 2.0)
      websocket-driver (>= 0.6.1)
    actionmailer (5.2.4.1)
      actionpack (= 5.2.4.1)
      actionview (= 5.2.4.1)
      activejob (= 5.2.4.1)
      mail (~> 2.5, >= 2.5.4)
      rails-dom-testing (~> 2.0)
    actionpack (5.2.4.1)
      actionview (= 5.2.4.1)
      activesupport (= 5.2.4.1)
      rack (~> 2.0, >= 2.0.8)
      rack-test (>= 0.6.3)
      rails-dom-testing (~> 2.0)
      rails-html-sanitizer (~> 1.0, >= 1.0.2)
    actionview (5.2.4.1)
      activesupport (= 5.2.4.1)
      builder (~> 3.1)
      erubi (~> 1.4)
      rails-dom-testing (~> 2.0)
      rails-html-sanitizer (~> 1.0, >= 1.0.3)
    activejob (5.2.4.1)
      activesupport (= 5.2.4.1)
      globalid (>= 0.3.6)
    activemodel (5.2.4.1)
      activesupport (= 5.2.4.1)
    activerecord (5.2.4.1)
      activemodel (= 5.2.4.1)
      activesupport (= 5.2.4.1)
      arel (>= 9.0)
    activestorage (5.2.4.1)
      actionpack (= 5.2.4.1)
      activerecord (= 5.2.4.1)
      marcel (~> 0.3.1)
    activesupport (5.2.4.1)
      concurrent-ruby (~> 1.0, >= 1.0.2)
      i18n (>= 0.7, < 2)
      minitest (~> 5.1)
      tzinfo (~> 1.1)
    addressable (2.7.0)
      public_suffix (>= 2.0.2, < 5.0)
    arel (9.0.0)
    authorizenet (1.9.7)
      activesupport (>= 4.2.6)
      nokogiri (~> 1.6, >= 1.6.4)
      roxml (>= 3.3.1)
    awesome_print (1.8.0)
    aws-eventstream (1.1.0)
    aws-partitions (1.358.0)
    aws-sdk-core (3.104.4)
      aws-eventstream (~> 1, >= 1.0.2)
      aws-partitions (~> 1, >= 1.239.0)
      aws-sigv4 (~> 1.1)
      jmespath (~> 1.0)
    aws-sdk-kms (1.36.0)
      aws-sdk-core (~> 3, >= 3.99.0)
      aws-sigv4 (~> 1.1)
    aws-sdk-s3 (1.78.0)
      aws-sdk-core (~> 3, >= 3.104.3)
      aws-sdk-kms (~> 1)
      aws-sigv4 (~> 1.1)
    aws-sigv4 (1.2.2)
      aws-eventstream (~> 1, >= 1.0.2)
    axlsx_rails (0.5.2)
      actionpack (>= 3.1)
      axlsx (>= 2.0.1)
    barnes (0.0.8)
      multi_json (~> 1)
      statsd-ruby (~> 1.1)
    benchmark-ips (2.8.2)
    better_record (0.25.2)
      csv (~> 3.0, >= 3.1.2)
      jwe (~> 0.3, >= 0.3.1)
      jwt (~> 2.1, >= 2.1.0)
      pg (~> 1.1, >= 1.1.2)
      pry-rails (~> 0.3, >= 0.3.6)
      rails (~> 5, >= 5.2.4)
      store_as_int (~> 0.0, >= 0.0.19)
      table_print (~> 1.5, >= 1.5.6)
    bootsnap (1.4.8)
      msgpack (~> 1.0)
    braintree (2.103.0)
      builder (>= 2.0.0)
    brakeman (4.9.0)
    browser (2.7.1)
    builder (3.2.4)
    bullet (6.1.0)
      activesupport (>= 3.0.0)
      uniform_notifier (~> 1.11)
    byebug (11.1.3)
    chronic_duration (0.10.6)
      numerizer (~> 0.1.1)
    chunky_png (1.3.12)
    coderay (1.1.3)
    concurrent-ruby (1.1.7)
    connection_pool (2.2.3)
    coolline (0.5.0)
      unicode_utils (~> 1.4)
    crass (1.0.6)
    css_parser (1.7.1)
      addressable
    csv (3.1.7)
    csv_rb (5.2.3.2)
      actionpack (~> 5.2)
      csv (>= 3.1.0)
    declarative (0.0.20)
    declarative-option (0.1.0)
    derailed_benchmarks (1.7.0)
      benchmark-ips (~> 2)
      get_process_mem (~> 0)
      heapy (~> 0)
      memory_profiler (~> 0)
      mini_histogram (~> 0)
      rack (>= 1)
      rake (> 10, < 14)
      ruby-statistics (>= 2.1)
      thor (>= 0.19, < 2)
      unicode_plot (>= 0.0.4, < 1.0.0)
    diff-lcs (1.4.4)
    dkim (1.0.1)
    enumerable-statistics (2.0.1)
    erubi (1.9.0)
    execjs (2.7.0)
    factory_bot (6.1.0)
      activesupport (>= 5.0.0)
    factory_bot_rails (6.1.0)
      factory_bot (~> 6.1.0)
      railties (>= 5.0.0)
    faraday (0.17.3)
      multipart-post (>= 1.2, < 3)
    ffi (1.13.1)
    formatador (0.2.5)
    foundation_emails (2.2.1.0)
    get_process_mem (0.2.6)
      ffi (~> 1.0)
    globalid (0.4.2)
      activesupport (>= 4.2.0)
    google-api-client (0.43.0)
      addressable (~> 2.5, >= 2.5.1)
      googleauth (~> 0.9)
      httpclient (>= 2.8.1, < 3.0)
      mini_mime (~> 1.0)
      representable (~> 3.0)
      retriable (>= 2.0, < 4.0)
      signet (~> 0.12)
    googleauth (0.13.1)
      faraday (>= 0.17.3, < 2.0)
      jwt (>= 1.4, < 3.0)
      memoist (~> 0.16)
      multi_json (~> 1.11)
      os (>= 0.9, < 2.0)
      signet (~> 0.14)
    guard (2.16.2)
      formatador (>= 0.2.4)
      listen (>= 2.7, < 4.0)
      lumberjack (>= 1.0.12, < 2.0)
      nenv (~> 0.1)
      notiffany (~> 0.0)
      pry (>= 0.9.12)
      shellany (~> 0.0)
      thor (>= 0.18.1)
    guard-compat (1.2.1)
    guard-rspec (4.7.3)
      guard (~> 2.1)
      guard-compat (~> 1.1)
      rspec (>= 2.99.0, < 4.0)
    heapy (0.1.4)
    htmlentities (4.3.4)
    httpclient (2.8.3)
    i18n (1.8.5)
      concurrent-ruby (~> 1.0)
    icalendar (2.6.1)
      ice_cube (~> 0.16)
    ice_cube (0.16.3)
    image_processing (1.11.0)
      mini_magick (>= 4.9.5, < 5)
      ruby-vips (>= 2.0.17, < 3)
    io-console (0.5.6)
    irb (1.2.4)
      reline (>= 0.0.1)
    jazz_fingers (5.2.2)
      awesome_print (~> 1.6)
      pry (~> 0.10)
      pry-byebug (~> 3.4)
      pry-coolline (~> 0.2)
    jmespath (1.4.0)
    jwe (0.4.0)
    jwt (2.2.2)
    listen (3.1.5)
      rb-fsevent (~> 0.9, >= 0.9.4)
      rb-inotify (~> 0.9, >= 0.9.7)
      ruby_dep (~> 1.2)
    loofah (2.6.0)
      crass (~> 1.0.2)
      nokogiri (>= 1.5.9)
    lumberjack (1.2.7)
    mail (2.7.1)
      mini_mime (>= 0.1.1)
    marcel (0.3.3)
      mimemagic (~> 0.3.2)
    memoist (0.16.2)
    memory_profiler (0.9.14)
    method_source (1.0.0)
    mimemagic (0.3.10)
      nokogiri (~> 1)
      rake
    mini_histogram (0.1.3)
    mini_magick (4.10.1)
    mini_mime (1.0.2)
    mini_portile2 (2.8.0)
    minitest (5.14.1)
    msgpack (1.3.3)
    multi_json (1.15.0)
    multipart-post (2.1.1)
    nenv (0.3.0)
    nio4r (2.5.2)
    nokogiri (1.13.4)
      mini_portile2 (~> 2.8.0)
      racc (~> 1.4)
    notiffany (0.1.3)
      nenv (~> 0.1)
      shellany (~> 0.0)
    numerizer (0.1.1)
    os (1.1.1)
    pg (1.2.3)
    premailer (1.13.1)
      addressable
      css_parser (>= 1.6.0)
      htmlentities (>= 4.0.0)
    premailer-rails (1.9.7)
      actionmailer (>= 3, < 6)
      premailer (~> 1.7, >= 1.7.9)
    pry (0.13.1)
      coderay (~> 1.1)
      method_source (~> 1.0)
    pry-byebug (3.9.0)
      byebug (~> 11.0)
      pry (~> 0.13.0)
    pry-coolline (0.2.5)
      coolline (~> 0.5)
    pry-rails (0.3.9)
      pry (>= 0.10.4)
    public_suffix (4.0.5)
    puma (3.12.6)
    pundit (2.1.0)
      activesupport (>= 3.0.0)
    racc (1.6.0)
    rack (2.2.3)
    rack-protection (2.0.8.1)
      rack
    rack-test (1.1.0)
      rack (>= 1.0, < 3)
    rails (5.2.4.1)
      actioncable (= 5.2.4.1)
      actionmailer (= 5.2.4.1)
      actionpack (= 5.2.4.1)
      actionview (= 5.2.4.1)
      activejob (= 5.2.4.1)
      activemodel (= 5.2.4.1)
      activerecord (= 5.2.4.1)
      activestorage (= 5.2.4.1)
      activesupport (= 5.2.4.1)
      bundler (>= 1.3.0)
      railties (= 5.2.4.1)
      sprockets-rails (>= 2.0.0)
    rails-dom-testing (2.0.3)
      activesupport (>= 4.2.0)
      nokogiri (>= 1.6)
    rails-html-sanitizer (1.3.0)
      loofah (~> 2.3)
    railties (5.2.4.1)
      actionpack (= 5.2.4.1)
      activesupport (= 5.2.4.1)
      method_source
      rake (>= 0.8.7)
      thor (>= 0.19.0, < 2.0)
    rake (13.0.1)
    rb-fsevent (0.9.8)
    rb-inotify (0.10.1)
      ffi (~> 1.0)
    redis (4.0.3)
    redis-namespace (1.6.0)
      redis (>= 3.0.4)
    reline (0.1.4)
      io-console (~> 0.5)
    representable (3.0.4)
      declarative (< 0.1.0)
      declarative-option (< 0.2.0)
      uber (< 0.2.0)
    retriable (3.1.2)
    rexml (3.2.4)
    roxml (4.1.1)
      activesupport (>= 4.0)
      nokogiri (>= 1.3.3)
    rqrcode (1.1.2)
      chunky_png (~> 1.0)
      rqrcode_core (~> 0.1)
    rqrcode_core (0.1.2)
    rspec (3.9.0)
      rspec-core (~> 3.9.0)
      rspec-expectations (~> 3.9.0)
      rspec-mocks (~> 3.9.0)
    rspec-core (3.9.2)
      rspec-support (~> 3.9.3)
    rspec-expectations (3.9.2)
      diff-lcs (>= 1.2.0, < 2.0)
      rspec-support (~> 3.9.0)
    rspec-mocks (3.9.1)
      diff-lcs (>= 1.2.0, < 2.0)
      rspec-support (~> 3.9.0)
    rspec-rails (4.0.1)
      actionpack (>= 4.2)
      activesupport (>= 4.2)
      railties (>= 4.2)
      rspec-core (~> 3.9)
      rspec-expectations (~> 3.9)
      rspec-mocks (~> 3.9)
      rspec-support (~> 3.9)
    rspec-support (3.9.3)
    ruby-graphviz (1.2.5)
      rexml
    ruby-statistics (2.1.2)
    ruby-vips (2.0.17)
      ffi (~> 1.9)
    ruby_dep (1.5.0)
    rubyzip (1.3.0)
    sassc (2.4.0)
      ffi (~> 1.9)
    sassc-rails (2.1.2)
      railties (>= 4.0.0)
      sassc (>= 2.0)
      sprockets (> 3.0)
      sprockets-rails
      tilt
    sentry-raven (2.13.0)
      faraday (>= 0.7.6, < 1.0)
    shellany (0.0.1)
    shoulda (4.0.0)
      shoulda-context (~> 2.0)
      shoulda-matchers (~> 4.0)
    shoulda-context (2.0.0)
    shoulda-matchers (4.3.0)
      activesupport (>= 4.2.0)
    sidekiq (5.1.3)
      concurrent-ruby (~> 1.0)
      connection_pool (~> 2.2, >= 2.2.0)
      rack-protection (>= 1.5.0)
      redis (>= 3.3.5, < 5)
    sidekiq-limit_fetch (3.4.0)
      sidekiq (>= 4)
    sidekiq-status (1.0.2)
      chronic_duration
      sidekiq (>= 3.0)
    signet (0.14.0)
      addressable (~> 2.3)
      faraday (>= 0.17.3, < 2.0)
      jwt (>= 1.5, < 3.0)
      multi_json (~> 1.10)
    smartystreets_ruby_sdk (5.5.4)
    spring (2.1.1)
    spring-watcher-listen (2.0.1)
      listen (>= 2.7, < 4.0)
      spring (>= 1.2, < 3.0)
    sprockets (4.0.2)
      concurrent-ruby (~> 1.0)
      rack (> 1, < 3)
    sprockets-rails (3.2.1)
      actionpack (>= 4.0)
      activesupport (>= 4.0)
      sprockets (>= 3.0.0)
    stackprof (0.2.15)
    statsd-ruby (1.4.0)
    store_as_int (0.0.19)
    table_print (1.5.7)
    thor (1.0.1)
    thread_safe (0.3.6)
    tilt (2.0.10)
    tiny_fake_redis (0.1.0)
      zeitwerk (~> 2, >= 2.2.2)
    tzinfo (1.2.7)
      thread_safe (~> 0.1)
    uber (0.1.0)
    uglifier (4.2.0)
      execjs (>= 0.3.0, < 3)
    unicode_plot (0.0.4)
      enumerable-statistics (>= 2.0.1)
    unicode_utils (1.4.0)
    uniform_notifier (1.13.0)
    visual_call_graph (0.4.0)
      ruby-graphviz (~> 1.2, >= 1.2.0)
    websocket-driver (0.7.3)
      websocket-extensions (>= 0.1.0)
    websocket-extensions (0.1.5)
    wkhtmltopdf-heroku (2.12.5.0)
    zeitwerk (2.4.0)

PLATFORMS
  ruby

DEPENDENCIES
  aasm (~> 5.0, >= 5.0.1)
  authorizenet (~> 1.9, >= 1.9.5)
  aws-sdk-s3 (>= 1.30.1)
  axlsx!
  axlsx_rails (= 0.5.2)
  barnes (~> 0.0.7)
  better_record (~> 0.25, >= 0.25.2)
  bootsnap (>= 1.1.0)
  braintree (~> 2.90, >= 2.90.0)
  brakeman
  browser (~> 2.5, >= 2.5.3)
  bullet
  byebug
  csv_rb (~> 5.2.3, >= 5.2.3.2)
  derailed_benchmarks
  dkim (~> 1.0, >= 1.0.1)
  factory_bot_rails
  google-api-client (~> 0.43)
  guard
  guard-rspec
  icalendar (~> 2.4, >= 2.4.1)
  image_processing (~> 1.2)
  inky-rb!
  irb (~> 1.0, >= 1.0.0)
  jazz_fingers (~> 5.2)
  listen (>= 3.0.5, < 3.2)
  pg (~> 1.1, >= 1.1.2)
  premailer-rails (~> 1.9.7)
  pry-rails (~> 0.3)
  puma (~> 3.11)
  pundit (~> 2.0)
  rails (= 5.2.4.1)
  rb-fsevent (= 0.9.8)
  redis (~> 4.0.1)
  redis-namespace (~> 1.6.0)
  rqrcode (~> 1.1)
  rspec
  rspec-rails
  rubyzip (~> 1.2, >= 1.2.2)
  sassc-rails (~> 2.1)
  sentry-raven (~> 2.11)
  shoulda
  sidekiq (~> 5.1.3)
  sidekiq-limit_fetch (~> 3.4.0)
  sidekiq-status (~> 1.0.1)
  smartystreets_ruby_sdk (~> 5.5.3)
  spring (>= 2.1.0)
  spring-watcher-listen (~> 2.0.0)
  stackprof
  store_as_int (>= 0.0.19)
  table_print (~> 1.5)
  tiny_fake_redis
  uglifier (~> 4.2)
  visual_call_graph
  where_exists!
  wicked_pdf!
  wkhtmltopdf-heroku (= 2.12.5.0)

RUBY VERSION
   ruby 2.6.6p146

BUNDLED WITH
   2.2.5
